PATH
  remote: .
  specs:
    gatorate (0.0.2)
      awesome_print
      celluloid-zmq
      colorize
      dcell
      ffi-rzmq (= 1.0.3)
      gli (= 2.8.1)
      haml
      http
      ipaddress
      json
      reel (~> 0.4.0)
      rest-client
      sinatra
      smart_colored
      thin
      wiringpi
      wiringpi
      yell
      yell-adapters-syslog

GEM
  remote: https://rubygems.org/
  specs:
    aruba (0.5.4)
      childprocess (>= 0.3.6)
      cucumber (>= 1.1.1)
      rspec-expectations (>= 2.7.0)
    awesome_print (1.2.0)
    builder (3.2.2)
    celluloid (0.15.2)
      timers (~> 1.1.0)
    celluloid-io (0.15.0)
      celluloid (>= 0.15.0)
      nio4r (>= 0.5.0)
    celluloid-redis (0.0.2)
      celluloid-io (>= 0.13.0.pre)
      redis
    celluloid-zmq (0.15.0)
      celluloid (>= 0.13.0)
      ffi
      ffi-rzmq
    childprocess (0.3.9)
      ffi (~> 1.0, >= 1.0.11)
    colorize (0.6.0)
    cucumber (1.3.10)
      builder (>= 2.1.2)
      diff-lcs (>= 1.1.3)
      gherkin (~> 2.12)
      multi_json (>= 1.7.5, < 2.0)
      multi_test (>= 0.0.2)
    daemons (1.1.9)
    dcell (0.15.0)
      celluloid (>= 0.15.0)
      celluloid-redis
      celluloid-zmq (>= 0.15.0)
      redis-namespace
      reel
    diff-lcs (1.2.5)
    eventmachine (1.0.3)
    ffi (1.9.3)
    ffi-rzmq (1.0.3)
      ffi
    gherkin (2.12.2)
      multi_json (~> 1.3)
    gli (2.8.1)
    haml (4.0.5)
      tilt
    http (0.5.0)
      http_parser.rb
    http_parser.rb (0.6.0)
    ipaddress (0.8.0)
    json (1.8.1)
    metaclass (0.0.2)
    mime-types (2.0)
    mocha (1.0.0)
      metaclass (~> 0.0.1)
    multi_json (1.8.4)
    multi_test (0.0.3)
    nio4r (0.5.0)
    rack (1.5.2)
    rack-protection (1.5.1)
      rack
    rake (10.1.1)
    rdoc (4.1.1)
      json (~> 1.4)
    redis (3.0.6)
    redis-namespace (1.4.1)
      redis (~> 3.0.4)
    reel (0.4.0)
      celluloid (>= 0.15.1)
      celluloid-io (>= 0.15.0)
      http (>= 0.5.0)
      http_parser.rb (>= 0.6.0.beta.2)
      websocket_parser (>= 0.1.4)
    rest-client (1.6.7)
      mime-types (>= 1.16)
    rspec-expectations (2.14.4)
      diff-lcs (>= 1.1.3, < 2.0)
    sinatra (1.4.4)
      rack (~> 1.4)
      rack-protection (~> 1.4)
      tilt (~> 1.3, >= 1.3.4)
    smart_colored (1.1.1)
    thin (1.6.1)
      daemons (>= 1.0.9)
      eventmachine (>= 1.0.0)
      rack (>= 1.0.0)
    tilt (1.4.1)
    timers (1.1.0)
    websocket_parser (0.1.5)
      http
    wiringpi (1.1.0)
    yell (2.0.2)
    yell-adapters-syslog (2.0.1)
      yell (~> 2.0)

PLATFORMS
  ruby

DEPENDENCIES
  aruba
  gatorate!
  mocha
  rake
  rdoc
